GIT
  remote: git://github.com/zlu/nestful.git
  revision: c6e3d981545d5054778e40d7b573a521ba1a600a
  specs:
    nestful (0.0.8)
      activesupport (>= 3.0.0.beta)

PATH
  remote: .
  specs:
    kazoo-rb (0.0.1)
      nestful

GEM
  remote: http://rubygems.org/
  specs:
    activesupport (7.0.3)
      concurrent-ruby (~> 1.0, >= 1.0.2)
      i18n (>= 1.6, < 2)
      minitest (>= 5.1)
      tzinfo (~> 2.0)
    addressable (2.2.8)
    concurrent-ruby (1.1.10)
    crack (0.1.8)
    diff-lcs (1.1.3)
    i18n (1.10.0)
      concurrent-ruby (~> 1.0)
    minitest (5.16.0)
    rake (0.9.2.2)
    rspec (2.11.0)
      rspec-core (~> 2.11.0)
      rspec-expectations (~> 2.11.0)
      rspec-mocks (~> 2.11.0)
    rspec-core (2.11.1)
    rspec-expectations (2.11.2)
      diff-lcs (~> 1.1.3)
    rspec-mocks (2.11.1)
    tzinfo (2.0.4)
      concurrent-ruby (~> 1.0)
    webmock (1.8.8)
      addressable (~> 2.2.8)
      crack (>= 0.1.7)

PLATFORMS
  ruby

DEPENDENCIES
  kazoo-rb!
  nestful!
  rake
  rspec
  webmock
