GIT
  remote: git://github.com/zlu/nestful.git
  revision: c6e3d981545d5054778e40d7b573a521ba1a600a
  specs:
    nestful (0.0.8)
      activesupport (>= 3.0.0.beta)

PATH
  remote: .
  specs:
    kazoo-rb (0.0.1)
      nestful

GEM
  remote: http://rubygems.org/
  specs:
    activesupport (3.2.8.rc2)
      i18n (~> 0.6)
      multi_json (~> 1.0)
    addressable (2.2.8)
    crack (0.1.8)
    diff-lcs (1.1.3)
    i18n (0.6.0)
    multi_json (1.3.6)
    rake (13.0.1)
    rspec (2.11.0)
      rspec-core (~> 2.11.0)
      rspec-expectations (~> 2.11.0)
      rspec-mocks (~> 2.11.0)
    rspec-core (2.11.1)
    rspec-expectations (2.11.2)
      diff-lcs (~> 1.1.3)
    rspec-mocks (2.11.1)
    webmock (1.8.8)
      addressable (~> 2.2.8)
      crack (>= 0.1.7)

PLATFORMS
  ruby

DEPENDENCIES
  kazoo-rb!
  nestful!
  rake
  rspec
  webmock
